GEM
  remote: http://rubygems.org/
  specs:
    bacon (1.1.0)
    bcrypt-ruby (3.0.1)
    bluecloth (2.2.0)
    daemons (1.1.8)
    diff-lcs (1.1.3)
    dnsruby (1.53)
    eventmachine (0.12.10)
    innate (2012.03)
      rack (~> 1.4.1)
    json (1.6.6)
    multi_json (1.1.0)
    mysql2 (0.3.11)
    nokogiri (1.5.2)
    rack (1.4.1)
    rack-test (0.6.1)
      rack (>= 1.0)
    rake (0.9.2.2)
    ramaze (2012.03.07)
      innate (>= 2012.03)
    rspec (2.8.0)
      rspec-core (~> 2.8.0)
      rspec-expectations (~> 2.8.0)
      rspec-mocks (~> 2.8.0)
    rspec-core (2.8.0)
    rspec-expectations (2.8.0)
      diff-lcs (~> 1.1.2)
    rspec-mocks (2.8.0)
    sequel (3.33.0)
    simplecov (0.6.1)
      multi_json (~> 1.0)
      simplecov-html (~> 0.5.3)
    simplecov-html (0.5.3)
    sqlite3 (1.3.5)
    thin (1.3.1)
      daemons (>= 1.0.9)
      eventmachine (>= 0.12.6)
      rack (>= 1.0.0)
    whois (2.4.0)
    yard (0.7.5)

PLATFORMS
  ruby

DEPENDENCIES
  bacon
  bcrypt-ruby
  bluecloth
  bundler
  dnsruby
  json
  mysql2
  nokogiri
  rack-test
  rake
  ramaze
  rspec
  sequel
  simplecov
  sqlite3
  thin
  whois
  yard
